GEM
  remote: http://ruby.taobao.org/
  specs:
    coffee-script (2.2.0)
      coffee-script-source
      execjs
    coffee-script-source (1.2.0)
    execjs (1.2.13)
      multi_json (~> 1.0)
    hike (1.2.1)
    libv8 (3.3.10.4)
    multi_json (1.0.4)
    rack (1.4.0)
    rack-protection (1.2.0)
      rack
    sinatra (1.3.2)
      rack (~> 1.3, >= 1.3.6)
      rack-protection (~> 1.2)
      tilt (~> 1.3, >= 1.3.3)
    sprockets (2.1.2)
      hike (~> 1.2)
      rack (~> 1.0)
      tilt (~> 1.1, != 1.3.0)
    sprockets-sass (0.5.1)
      sprockets (~> 2.0)
      tilt (~> 1.1)
    therubyracer (0.9.9)
      libv8 (~> 3.3.10)
    tilt (1.3.3)
    vendorer (0.1.6)

PLATFORMS
  ruby

DEPENDENCIES
  coffee-script
  sinatra
  sprockets
  sprockets-sass (= 0.5.1)
  therubyracer
  vendorer
